PATH
  remote: .
  specs:
    calculator (0.1.0)

GEM
  remote: https://rubygems.org/
  specs:
    chronic_duration (0.10.6)
      numerizer (~> 0.1.1)
    diff-lcs (1.3)
    numerizer (0.1.1)
    rake (10.5.0)
    rspec (3.7.0)
      rspec-core (~> 3.7.0)
      rspec-expectations (~> 3.7.0)
      rspec-mocks (~> 3.7.0)
    rspec-core (3.7.1)
      rspec-support (~> 3.7.0)
    rspec-expectations (3.7.0)
      diff-lcs (>= 1.2.0, < 2.0)
      rspec-support (~> 3.7.0)
    rspec-mocks (3.7.0)
      diff-lcs (>= 1.2.0, < 2.0)
      rspec-support (~> 3.7.0)
    rspec-support (3.7.1)
    spec (5.3.4)
      chronic_duration (~> 0.10.2)

PLATFORMS
  ruby

DEPENDENCIES
  bundler (~> 1.16)
  calculator!
  rake (~> 10.0)
  rspec (~> 3.0)
  spec

BUNDLED WITH
   1.16.1
